GEM
  remote: http://rubygems.org/
  specs:
    diff-lcs (1.1.3)
    rake (10.0.2)
    rspec (2.10.0)
      rspec-core (~> 2.10.0)
      rspec-expectations (~> 2.10.0)
      rspec-mocks (~> 2.10.0)
    rspec-core (2.10.1)
    rspec-expectations (2.10.0)
      diff-lcs (~> 1.1.3)
    rspec-mocks (2.10.1)
    rubyzip (0.9.9)

PLATFORMS
  ruby

DEPENDENCIES
  rake
  rspec (~> 2.10.0)
  rubyzip (~> 0.9.9)
